GEM
  remote: https://rubygems.org/
  specs:
    bson (3.2.1)
    mongo (2.0.6)
      bson (~> 3.0)
    rack (1.6.4)
    rack-protection (1.5.3)
      rack
    sinatra (1.4.6)
      rack (~> 1.4)
      rack-protection (~> 1.4)
      tilt (>= 1.3, < 3)
    slim (3.0.6)
      temple (~> 0.7.3)
      tilt (>= 1.3.3, < 2.1)
    temple (0.7.6)
    tilt (2.0.1)

PLATFORMS
  ruby

DEPENDENCIES
  mongo
  sinatra
  slim

BUNDLED WITH
   1.10.5
